STORAGE: NONE
RESTRICTION: || (== net5.0) (== netstandard2.0) (== netstandard2.1)
NUGET
  remote: https://api.nuget.org/v3/index.json
    Fable.Core (3.4)
      FSharp.Core (>= 4.7.2)
    FSharp.Core (6.0)
